REDIRECTS: ON
NUGET
  remote: https://www.nuget.org/api/v2
  specs:
    GeoJSON.Net (0.1.43)
      Newtonsoft.Json (>= 8.0.2)
    Irony (0.9.1)
    Newtonsoft.Json (8.0.2)
    NUnit (3.0.1)
    Shouldly (2.6.0)
